PATH
  remote: .
  specs:
    learn_review (0.0.0)

GEM
  remote: https://rubygems.org/
  specs:
    awesome_print (1.8.0)
    json (2.1.0)
    odyssey (0.1.8)
      require_all
    require_all (2.0.0)

PLATFORMS
  ruby

DEPENDENCIES
  awesome_print
  json
  learn_review!
  odyssey
  require_all

BUNDLED WITH
   1.16.6
